GEM
  remote: http://rubygems.org/
  remote: http://gems.github.com/
  specs:
    abstract (1.0.0)
    actionmailer (3.0.5)
      actionpack (= 3.0.5)
      mail (~> 2.2.15)
    actionpack (3.0.5)
      activemodel (= 3.0.5)
      activesupport (= 3.0.5)
      builder (~> 2.1.2)
      erubis (~> 2.6.6)
      i18n (~> 0.4)
      rack (~> 1.2.1)
      rack-mount (~> 0.6.13)
      rack-test (~> 0.5.7)
      tzinfo (~> 0.3.23)
    activemodel (3.0.5)
      activesupport (= 3.0.5)
      builder (~> 2.1.2)
      i18n (~> 0.4)
    activesupport (3.0.5)
    builder (2.1.2)
    diff-lcs (1.1.2)
    erubis (2.6.6)
      abstract (>= 1.0.0)
    git (1.2.5)
    hpricot (0.8.4)
    i18n (0.5.0)
    json_pure (1.5.1)
    mail (2.2.15)
      activesupport (>= 2.3.6)
      i18n (>= 0.4.0)
      mime-types (~> 1.16)
      treetop (~> 1.4.8)
    mime-types (1.16)
    nokogiri (1.4.4)
    polyglot (0.3.1)
    rack (1.2.1)
    rack-contrib (1.1.0)
      rack (>= 0.9.1)
    rack-mount (0.6.13)
      rack (>= 1.0.0)
    rack-test (0.5.7)
      rack (>= 1.0)
    rspec (2.5.0)
      rspec-core (~> 2.5.0)
      rspec-expectations (~> 2.5.0)
      rspec-mocks (~> 2.5.0)
    rspec-core (2.5.1)
    rspec-expectations (2.5.0)
      diff-lcs (~> 1.1.2)
    rspec-mocks (2.5.0)
    rubyforge (2.0.4)
      json_pure (>= 1.1.7)
    technicalpickles-jeweler (1.2.1)
      git (>= 1.2.1)
      rubyforge
    treetop (1.4.9)
      polyglot (>= 0.3.1)
    tzinfo (0.3.24)

PLATFORMS
  ruby

DEPENDENCIES
  actionmailer
  hpricot
  nokogiri
  rack (~> 1.1)
  rack-contrib
  rspec
  technicalpickles-jeweler
